GEM
  specs:
    daemons (1.1.0)

PLATFORMS
  ruby

DEPENDENCIES
  daemons
